GEM
  remote: https://rubygems.org/
  specs:
    titleize (1.3.0)

PLATFORMS
  ruby

DEPENDENCIES
  titleize
